PATH
  remote: .
  specs:
    gamesdb (1.0.2)
      awesome_print
      cistern
      excon
      nokogiri
      rest-client

GEM
  remote: https://rubygems.org/
  specs:
    awesome_print (1.1.0)
    cistern (0.2.1)
    coderay (1.0.8)
    diff-lcs (1.1.3)
    excon (0.16.10)
    guard (1.5.4)
      listen (>= 0.4.2)
      lumberjack (>= 1.0.2)
      pry (>= 0.9.10)
      thor (>= 0.14.6)
    guard-rspec (2.3.1)
      guard (>= 1.1)
      rspec (~> 2.11)
    listen (0.6.0)
    lumberjack (1.0.2)
    method_source (0.8.1)
    mime-types (1.21)
    nokogiri (1.5.6)
    pry (0.9.10)
      coderay (~> 1.0.5)
      method_source (~> 0.8)
      slop (~> 3.3.1)
    rest-client (1.6.7)
      mime-types (>= 1.16)
    rspec (2.12.0)
      rspec-core (~> 2.12.0)
      rspec-expectations (~> 2.12.0)
      rspec-mocks (~> 2.12.0)
    rspec-core (2.12.2)
    rspec-expectations (2.12.1)
      diff-lcs (~> 1.1.3)
    rspec-mocks (2.12.2)
    slop (3.3.3)
    thor (0.17.0)

PLATFORMS
  ruby

DEPENDENCIES
  gamesdb!
  guard-rspec
  rspec
